GEM
  remote: https://rubygems.org/
  specs:
    base64 (0.3.0)
    haml (6.3.0)
      temple (>= 0.8.2)
      thor
      tilt
    logger (1.7.0)
    mustermann (3.0.3)
      ruby2_keywords (~> 0.0.1)
    nio4r (2.7.4)
    puma (6.6.0)
      nio4r (~> 2.0)
    rack (3.1.16)
    rack-protection (4.1.1)
      base64 (>= 0.1.0)
      logger (>= 1.6.0)
      rack (>= 3.0.0, < 4)
    rack-session (2.1.1)
      base64 (>= 0.1.0)
      rack (>= 3.0.0)
    rackup (2.2.1)
      rack (>= 3)
    ruby2_keywords (0.0.5)
    sinatra (4.1.1)
      logger (>= 1.6.0)
      mustermann (~> 3.0)
      rack (>= 3.0.0, < 4)
      rack-protection (= 4.1.1)
      rack-session (>= 2.0.0, < 3)
      tilt (~> 2.0)
    temple (0.10.3)
    thor (1.4.0)
    tilt (2.6.1)

PLATFORMS
  arm64-darwin-23
  ruby

DEPENDENCIES
  haml (~> 6.3)
  puma (~> 6.6)
  rack (~> 3.1)
  rack-session (~> 2.1)
  rackup (~> 2.2)
  sinatra (~> 4.1)

BUNDLED WITH
   2.6.9
